GEM
  remote: http://rubygems.org/
  specs:
    activemodel (3.0.0)
      activesupport (= 3.0.0)
      builder (~> 2.1.2)
      i18n (~> 0.4.1)
    activerecord (3.0.0)
      activemodel (= 3.0.0)
      activesupport (= 3.0.0)
      arel (~> 1.0.0)
      tzinfo (~> 0.3.23)
    activerecord-jdbc-adapter (0.9.7-java)
    activerecord-jdbcsqlite3-adapter (0.9.7-java)
      activerecord-jdbc-adapter (= 0.9.7)
      jdbc-sqlite3 (>= 3.6.3.054)
    activesupport (3.0.0)
    arel (1.0.1)
      activesupport (~> 3.0.0)
    builder (2.1.2)
    cucumber (0.8.5)
      builder (~> 2.1.2)
      diff-lcs (~> 1.1.2)
      gherkin (~> 2.1.4)
      json_pure (~> 1.4.3)
      term-ansicolor (~> 1.0.4)
    diff-lcs (1.1.2)
    gherkin (2.1.5)
      trollop (~> 1.16.2)
    gherkin (2.1.5-java)
      trollop (~> 1.16.2)
    i18n (0.4.1)
    jdbc-sqlite3 (3.6.3.054)
    json_pure (1.4.6)
    meta_where (0.9.2)
      activerecord (~> 3.0.0.rc2)
      activesupport (~> 3.0.0.rc2)
      arel (~> 1.0.0.rc1)
    rspec (2.0.0.beta.20)
      rspec-core (= 2.0.0.beta.20)
      rspec-expectations (= 2.0.0.beta.20)
      rspec-mocks (= 2.0.0.beta.20)
    rspec-core (2.0.0.beta.20)
    rspec-expectations (2.0.0.beta.20)
      diff-lcs (>= 1.1.2)
    rspec-mocks (2.0.0.beta.20)
    sqlite3-ruby (1.3.1)
    term-ansicolor (1.0.5)
    trollop (1.16.2)
    tzinfo (0.3.23)

PLATFORMS
  java
  ruby

DEPENDENCIES
  activerecord (= 3.0.0)
  activerecord-jdbcsqlite3-adapter (~> 0.9.7)
  cucumber (~> 0.8.5)
  jdbc-sqlite3
  meta_where
  rspec (~> 2.0.0.beta.19)
  sqlite3-ruby
